GIT
  remote: https://github.com/justinlynn/em-websocket-client.git
  revision: 71f508960cee679239cc6d206942069b10804035
  branch: master
  specs:
    em-websocket-client (0.1.2)
      eventmachine
      websocket

PATH
  remote: .
  specs:
    ripple-lib-ruby (0.0.1alpha)
      em-websocket-client

GEM
  remote: https://rubygems.org/
  specs:
    diff-lcs (1.2.4)
    eventmachine (1.0.3)
    rake (10.1.0)
    rspec (2.14.1)
      rspec-core (~> 2.14.0)
      rspec-expectations (~> 2.14.0)
      rspec-mocks (~> 2.14.0)
    rspec-core (2.14.6)
    rspec-expectations (2.14.3)
      diff-lcs (>= 1.1.3, < 2.0)
    rspec-mocks (2.14.4)
    websocket (1.1.1)
    yard (0.8.7.2)

PLATFORMS
  ruby

DEPENDENCIES
  em-websocket-client!
  rake
  ripple-lib-ruby!
  rspec
  yard
